GEM
  remote: http://rubygems.org/
  specs:
    rack (1.6.13)
    rack-protection (1.5.3)
      rack
    sinatra (1.4.5)
      rack (~> 1.4)
      rack-protection (~> 1.4)
      tilt (~> 1.3, >= 1.3.4)
    tilt (1.4.1)
    tiny_tds (0.6.2)
    tiny_tds (0.6.2-x64-mingw32)

PLATFORMS
  ruby
  x64-mingw32

DEPENDENCIES
  sinatra
  tiny_tds
